GEM
  remote: https://rubygems.org/
  specs:
    activesupport (4.1.4)
      i18n (~> 0.6, >= 0.6.9)
      json (~> 1.7, >= 1.7.7)
      minitest (~> 5.1)
      thread_safe (~> 0.1)
      tzinfo (~> 1.1)
    bacon (1.2.0)
    http_router (0.11.1)
      rack (>= 1.0.0)
      url_mount (~> 0.2.1)
    i18n (0.6.11)
    json (1.8.1)
    mail (2.5.4)
      mime-types (~> 1.16)
      treetop (~> 1.4.8)
    mime-types (1.25.1)
    minitest (5.4.0)
    moneta (0.7.20)
    newrelic_rpm (3.9.1.236)
    padrino (0.12.3)
      padrino-admin (= 0.12.3)
      padrino-cache (= 0.12.3)
      padrino-core (= 0.12.3)
      padrino-gen (= 0.12.3)
      padrino-helpers (= 0.12.3)
      padrino-mailer (= 0.12.3)
      padrino-support (= 0.12.3)
    padrino-admin (0.12.3)
      padrino-core (= 0.12.3)
      padrino-helpers (= 0.12.3)
    padrino-cache (0.12.3)
      moneta (~> 0.7.0)
      padrino-core (= 0.12.3)
      padrino-helpers (= 0.12.3)
    padrino-core (0.12.3)
      activesupport (>= 3.1)
      http_router (~> 0.11.0)
      padrino-support (= 0.12.3)
      rack-protection (>= 1.5.0)
      sinatra (~> 1.4.2)
      thor (~> 0.18)
    padrino-gen (0.12.3)
      bundler (~> 1.0)
      padrino-core (= 0.12.3)
    padrino-helpers (0.12.3)
      i18n (~> 0.6, >= 0.6.7)
      padrino-support (= 0.12.3)
      tilt (~> 1.4.1)
    padrino-mailer (0.12.3)
      mail (~> 2.5.3)
      padrino-core (= 0.12.3)
    padrino-support (0.12.3)
      activesupport (>= 3.1)
    pg (0.17.1)
    polyglot (0.3.5)
    rack (1.5.2)
    rack-protection (1.5.3)
      rack
    sequel (4.13.0)
    sinatra (1.4.5)
      rack (~> 1.4)
      rack-protection (~> 1.4)
      tilt (~> 1.3, >= 1.3.4)
    sinatra-sequel (0.9.0)
      bacon
      sequel (>= 3.2.0)
      sinatra (>= 0.9.4)
    sqlite3 (1.3.9)
    thor (0.19.1)
    thread_safe (0.3.4)
    tilt (1.4.1)
    treetop (1.4.15)
      polyglot
      polyglot (>= 0.3.1)
    tzinfo (1.2.2)
      thread_safe (~> 0.1)
    url_mount (0.2.1)
      rack

PLATFORMS
  ruby

DEPENDENCIES
  newrelic_rpm
  padrino
  pg
  sinatra
  sinatra-sequel
  sqlite3
