GEM
  remote: https://rubygems.org/
  specs:
    activesupport (4.1.4)
      i18n (~> 0.6, >= 0.6.9)
      json (~> 1.7, >= 1.7.7)
      minitest (~> 5.1)
      thread_safe (~> 0.1)
      tzinfo (~> 1.1)
    addressable (2.3.6)
    bcrypt (3.1.7)
    bcrypt-ruby (3.1.5)
      bcrypt (>= 3.1.3)
    data_mapper (1.2.0)
      dm-aggregates (~> 1.2.0)
      dm-constraints (~> 1.2.0)
      dm-core (~> 1.2.0)
      dm-migrations (~> 1.2.0)
      dm-serializer (~> 1.2.0)
      dm-timestamps (~> 1.2.0)
      dm-transactions (~> 1.2.0)
      dm-types (~> 1.2.0)
      dm-validations (~> 1.2.0)
    data_objects (0.10.14)
      addressable (~> 2.1)
    dm-aggregates (1.2.0)
      dm-core (~> 1.2.0)
    dm-constraints (1.2.0)
      dm-core (~> 1.2.0)
    dm-core (1.2.1)
      addressable (~> 2.3)
    dm-do-adapter (1.2.0)
      data_objects (~> 0.10.6)
      dm-core (~> 1.2.0)
    dm-migrations (1.2.0)
      dm-core (~> 1.2.0)
    dm-postgres-adapter (1.2.0)
      dm-do-adapter (~> 1.2.0)
      do_postgres (~> 0.10.6)
    dm-serializer (1.2.2)
      dm-core (~> 1.2.0)
      fastercsv (~> 1.5)
      json (~> 1.6)
      json_pure (~> 1.6)
      multi_json (~> 1.0)
    dm-sqlite-adapter (1.2.0)
      dm-do-adapter (~> 1.2.0)
      do_sqlite3 (~> 0.10.6)
    dm-timestamps (1.2.0)
      dm-core (~> 1.2.0)
    dm-transactions (1.2.0)
      dm-core (~> 1.2.0)
    dm-types (1.2.2)
      bcrypt-ruby (~> 3.0)
      dm-core (~> 1.2.0)
      fastercsv (~> 1.5)
      json (~> 1.6)
      multi_json (~> 1.0)
      stringex (~> 1.4)
      uuidtools (~> 2.1)
    dm-validations (1.2.0)
      dm-core (~> 1.2.0)
    do_postgres (0.10.14)
      data_objects (= 0.10.14)
    do_sqlite3 (0.10.14)
      data_objects (= 0.10.14)
    fastercsv (1.5.5)
    http_router (0.11.1)
      rack (>= 1.0.0)
      url_mount (~> 0.2.1)
    i18n (0.6.11)
    json (1.8.1)
    json_pure (1.8.1)
    mail (2.5.4)
      mime-types (~> 1.16)
      treetop (~> 1.4.8)
    mime-types (1.25.1)
    minitest (5.4.0)
    moneta (0.7.20)
    multi_json (1.10.1)
    newrelic_rpm (3.9.1.236)
    padrino (0.12.3)
      padrino-admin (= 0.12.3)
      padrino-cache (= 0.12.3)
      padrino-core (= 0.12.3)
      padrino-gen (= 0.12.3)
      padrino-helpers (= 0.12.3)
      padrino-mailer (= 0.12.3)
      padrino-support (= 0.12.3)
    padrino-admin (0.12.3)
      padrino-core (= 0.12.3)
      padrino-helpers (= 0.12.3)
    padrino-cache (0.12.3)
      moneta (~> 0.7.0)
      padrino-core (= 0.12.3)
      padrino-helpers (= 0.12.3)
    padrino-core (0.12.3)
      activesupport (>= 3.1)
      http_router (~> 0.11.0)
      padrino-support (= 0.12.3)
      rack-protection (>= 1.5.0)
      sinatra (~> 1.4.2)
      thor (~> 0.18)
    padrino-gen (0.12.3)
      bundler (~> 1.0)
      padrino-core (= 0.12.3)
    padrino-helpers (0.12.3)
      i18n (~> 0.6, >= 0.6.7)
      padrino-support (= 0.12.3)
      tilt (~> 1.4.1)
    padrino-mailer (0.12.3)
      mail (~> 2.5.3)
      padrino-core (= 0.12.3)
    padrino-support (0.12.3)
      activesupport (>= 3.1)
    pg (0.17.1)
    polyglot (0.3.5)
    rack (1.5.2)
    rack-protection (1.5.3)
      rack
    sinatra (1.4.5)
      rack (~> 1.4)
      rack-protection (~> 1.4)
      tilt (~> 1.3, >= 1.3.4)
    sqlite3 (1.3.9)
    stringex (1.5.1)
    thor (0.19.1)
    thread_safe (0.3.4)
    tilt (1.4.1)
    treetop (1.4.15)
      polyglot
      polyglot (>= 0.3.1)
    tzinfo (1.2.2)
      thread_safe (~> 0.1)
    url_mount (0.2.1)
      rack
    uuidtools (2.1.5)

PLATFORMS
  ruby

DEPENDENCIES
  data_mapper
  dm-postgres-adapter
  dm-sqlite-adapter
  newrelic_rpm
  padrino
  pg
  sinatra
  sqlite3
